PATH
  remote: .
  specs:
    multi-background-job (0.1.0)
      connection_pool
      multi_json
      redis

GEM
  remote: https://rubygems.org/
  specs:
    awesome_print (1.8.0)
    coderay (1.1.3)
    connection_pool (2.2.3)
    diff-lcs (1.4.4)
    dotenv (2.7.6)
    faktory_worker_ruby (1.0.0)
      connection_pool (~> 2.2, >= 2.2.2)
    method_source (1.0.0)
    multi_json (1.15.0)
    pry (0.13.1)
      coderay (~> 1.1)
      method_source (~> 1.0)
    rake (12.3.3)
    redis (4.2.2)
    rspec (3.9.0)
      rspec-core (~> 3.9.0)
      rspec-expectations (~> 3.9.0)
      rspec-mocks (~> 3.9.0)
    rspec-core (3.9.3)
      rspec-support (~> 3.9.3)
    rspec-expectations (3.9.2)
      diff-lcs (>= 1.2.0, < 2.0)
      rspec-support (~> 3.9.0)
    rspec-mocks (3.9.1)
      diff-lcs (>= 1.2.0, < 2.0)
      rspec-support (~> 3.9.0)
    rspec-support (3.9.3)
    timecop (0.9.1)

PLATFORMS
  ruby

DEPENDENCIES
  awesome_print
  dotenv
  faktory_worker_ruby
  multi-background-job!
  pry
  rake (~> 12.0)
  rspec
  timecop

BUNDLED WITH
   2.1.4
