PATH
  remote: .
  specs:
    multi-background-job (0.1.0)
      redis

GEM
  remote: https://rubygems.org/
  specs:
    awesome_print (1.8.0)
    coderay (1.1.3)
    dotenv (2.7.6)
    method_source (1.0.0)
    pry (0.13.1)
      coderay (~> 1.1)
      method_source (~> 1.0)
    rake (12.3.3)
    redis (4.2.2)

PLATFORMS
  ruby

DEPENDENCIES
  awesome_print
  dotenv
  multi-background-job!
  pry
  rake (~> 12.0)

BUNDLED WITH
   2.1.4
